GEM
  remote: https://rubygems.org/
  specs:
    docile (1.1.5)
    json (2.1.0)
    minitest (5.10.3)
    minitest-emoji (2.0.0)
    simplecov (0.15.1)
      docile (~> 1.1.0)
      json (>= 1.8, < 3)
      simplecov-html (~> 0.10.0)
    simplecov-html (0.10.2)

PLATFORMS
  ruby

DEPENDENCIES
  minitest
  minitest-emoji
  simplecov

BUNDLED WITH
   1.16.0
