GIT
  remote: https://github.com/neezer/minitest-ansi.git
  revision: 9de87783042aff673def9619bc0a5d920beaffe9
  specs:
    minitest-ansi (0.0.1)
      ansi (~> 1.3)
      minitest (>= 5.0)

GEM
  remote: https://rubygems.org/
  specs:
    ansi (1.4.3)
    docile (1.1.1)
    minitest (5.2.0)
    multi_json (1.8.2)
    simplecov (0.8.2)
      docile (~> 1.1.0)
      multi_json
      simplecov-html (~> 0.8.0)
    simplecov-html (0.8.0)

PLATFORMS
  ruby

DEPENDENCIES
  minitest
  minitest-ansi!
  simplecov
